GEM
  remote: http://rubygems.org/
  specs:
    addressable (2.4.0)
    bson (1.12.5)
    bson_ext (1.12.5)
      bson (~> 1.12.5)
    builder (3.2.2)
    daemons (1.2.4)
    em-websocket (0.3.8)
      addressable (>= 2.1.1)
      eventmachine (>= 0.12.9)
    eventmachine (1.2.0.1)
    json (2.0.2)
    jwt (1.5.6)
    mongo (1.12.5)
      bson (= 1.12.5)
    multi_json (1.12.1)
    rack (1.6.4)
    rack-protection (1.5.3)
      rack
    sinatra (1.4.7)
      rack (~> 1.5)
      rack-protection (~> 1.4)
      tilt (>= 1.3, < 3)
    sinatra-websocket (0.3.1)
      em-websocket (~> 0.3.6)
      eventmachine
      thin (>= 1.3.1, < 2.0.0)
    thin (1.6.4)
      daemons (~> 1.0, >= 1.0.9)
      eventmachine (~> 1.0, >= 1.0.4)
      rack (~> 1.0)
    tilt (2.0.5)
    twilio-ruby (4.2.0)
      builder (>= 2.1.2)
      jwt (~> 1.0)
      multi_json (>= 1.3.0)

PLATFORMS
  ruby

DEPENDENCIES
  bson_ext (~> 1.12)
  json
  mongo (~> 1.12)
  sinatra (= 1.4.7)
  sinatra-websocket
  thin (~> 1.6.4)
  twilio-ruby (= 4.2)

RUBY VERSION
   ruby 2.5.3

BUNDLED WITH
   1.13.3
